GEM
  remote: http://rubygems.org/
  specs:
    activesupport (5.0.0.1)
      concurrent-ruby (~> 1.0, >= 1.0.2)
      i18n (~> 0.7)
      minitest (~> 5.1)
      tzinfo (~> 1.1)
    ast (2.3.0)
    awesome_print (1.7.0)
    byebug (9.0.6)
    chunky_png (1.3.8)
    clipboard (1.0.6)
    colorize (0.8.1)
    concurrent-ruby (1.0.3)
    docile (1.1.5)
    docopt (0.5.0)
    drydock (0.6.9)
    gitignore (0.1.0)
    httparty (0.14.0)
      multi_xml (>= 0.5.2)
    i18n (0.7.0)
    json (2.0.2)
    letters (0.4.1)
      activesupport
      awesome_print
      colorize
      xml-simple
    minitest (5.10.1)
    multi_xml (0.6.0)
    onetime (0.5.1)
      drydock (>= 0.6.9)
      httparty (>= 0.7.7)
      json (>= 1.6.8)
    paint (1.0.1)
    parser (2.3.3.1)
      ast (~> 2.2)
    pbkdf2-ruby (0.2.1)
    powerpack (0.1.1)
    pws (1.0.6)
      clipboard (~> 1.0.5)
      paint (>= 0.8.7)
      pbkdf2-ruby
    qrcli (0.0.1)
      rqrcode
    rainbow (2.1.0)
    rake (12.0.0)
    rqrcode (0.10.1)
      chunky_png (~> 1.0)
    rubocop (0.46.0)
      parser (>= 2.3.1.1, < 3.0)
      powerpack (~> 0.1)
      rainbow (>= 1.99.1, < 3.0)
      ruby-progressbar (~> 1.7)
      unicode-display_width (~> 1.0, >= 1.0.1)
    ruby-progressbar (1.8.1)
    simplecov (0.12.0)
      docile (~> 1.1.0)
      json (>= 1.8, < 3)
      simplecov-html (~> 0.10.0)
    simplecov-html (0.10.0)
    thread_safe (0.3.5)
    tzinfo (1.2.2)
      thread_safe (~> 0.1)
    unicode-display_width (1.1.2)
    xml-simple (1.1.5)

PLATFORMS
  ruby

DEPENDENCIES
  bundler
  byebug
  clipboard
  colorize
  docopt
  gitignore
  letters
  onetime
  pws
  qrcli
  rake
  rubocop
  simplecov

BUNDLED WITH
   1.13.6
