GEM
  remote: http://rubygems.org/
  specs:
    activesupport (3.2.9)
      i18n (~> 0.6)
      multi_json (~> 1.0)
    awesome_print (1.1.0)
    clamp (0.5.0)
    clipboard (1.0.1)
    drydock (0.6.9)
    git (1.2.5)
    httparty (0.9.0)
      multi_json (~> 1.0)
      multi_xml
    i18n (0.6.1)
    jeweler (1.8.4)
      bundler (~> 1.0)
      git (>= 1.2.5)
      rake
      rdoc
    json (1.7.5)
    multi_json (1.3.7)
    multi_xml (0.5.1)
    onetime (0.4.0)
      drydock (>= 0.6.9)
      httparty (>= 0.7.7)
      json (>= 1.6.4)
    paint (0.8.5)
    pbkdf2 (0.1.0)
    pws (1.0.4)
      clipboard (~> 1.0.1)
      paint (>= 0.8.4)
      pbkdf2
      zucker (>= 12.1)
    qrcli (0.0.1)
      rqrcode
    rake (10.0.1)
    rcov (0.9.11)
    rdoc (3.12)
      json (~> 1.4)
    rqrcode (0.4.2)
    shoulda (3.3.2)
      shoulda-context (~> 1.0.1)
      shoulda-matchers (~> 1.4.1)
    shoulda-context (1.0.1)
    shoulda-matchers (1.4.1)
      activesupport (>= 3.0.0)
    simplecov (0.7.1)
      multi_json (~> 1.0)
      simplecov-html (~> 0.7.1)
    simplecov-html (0.7.1)
    zucker (12.1)

PLATFORMS
  ruby

DEPENDENCIES
  awesome_print
  bundler (> 1.0.0)
  clamp
  clipboard
  jeweler (~> 1.8.4)
  onetime
  pws
  qrcli
  rcov
  rdoc (~> 3.12)
  shoulda
  simplecov
